GEM
  remote: https://rubygems.org/
  specs:
    childprocess (2.0.0)
      rake (< 13.0)
    headless (2.3.1)
    rake (12.3.2)
    regexp_parser (1.6.0)
    rubyzip (1.2.3)
    selenium-webdriver (3.142.4)
      childprocess (>= 0.5, < 3.0)
      rubyzip (~> 1.2, >= 1.2.2)
    watir (6.16.5)
      regexp_parser (~> 1.2)
      selenium-webdriver (~> 3.6)

PLATFORMS
  ruby

DEPENDENCIES
  headless (~> 2.3.1)!
  watir (~> 6.16)!

BUNDLED WITH
   2.0.2
